PATH
  remote: .
  specs:
    pingfacts (0.1.2)
      net-ping (~> 2.0)
      pry (~> 0.13)

GEM
  remote: https://rubygems.org/
  specs:
    coderay (1.1.3)
    method_source (1.0.0)
    minitest (5.14.1)
    net-ping (2.0.8)
    pry (0.13.1)
      coderay (~> 1.1)
      method_source (~> 1.0)
    rake (12.3.3)

PLATFORMS
  ruby

DEPENDENCIES
  minitest (~> 5.0)
  net-ping (~> 2.0)
  pingfacts!
  pry (~> 0.13.1)
  rake (~> 12.0)

BUNDLED WITH
   2.1.4
